GEM
  remote: http://rubygems.org/
  specs:
    json (1.8.1)
    mustache (0.99.5)
    newrelic_rpm (3.7.3.204)
    rack (1.5.2)
    rack-protection (1.5.2)
      rack
    ruby-mp3info (0.8.3)
    shotgun (0.9)
      rack (>= 1.0)
    sinatra (1.4.4)
      rack (~> 1.4)
      rack-protection (~> 1.4)
      tilt (~> 1.3, >= 1.3.4)
    tilt (1.4.1)

PLATFORMS
  ruby

DEPENDENCIES
  json
  mustache
  newrelic_rpm
  ruby-mp3info
  shotgun
  sinatra
