GEM
  remote: http://rubygems.org/
  specs:
    json (1.7.7)
    mustache (0.99.4)
    newrelic_rpm (3.6.0.78)
    rack (1.5.2)
    rack-protection (1.5.0)
      rack
    ruby-mp3info (0.8)
    shotgun (0.9)
      rack (>= 1.0)
    sinatra (1.4.2)
      rack (~> 1.5, >= 1.5.2)
      rack-protection (~> 1.4)
      tilt (~> 1.3, >= 1.3.4)
    tilt (1.3.6)

PLATFORMS
  ruby

DEPENDENCIES
  json
  mustache
  newrelic_rpm
  ruby-mp3info
  shotgun
  sinatra